PATH
  remote: .
  specs:
    git-commander (0.1.0)
      bundler (~> 2.1, >= 1.10.0)

GEM
  remote: https://rubygems.org/
  specs:
    diff-lcs (1.5.0)
    psych (4.0.3)
      stringio
    rake (12.3.3)
    rdoc (6.4.0)
      psych (>= 4.0.0)
    rspec (3.11.0)
      rspec-core (~> 3.11.0)
      rspec-expectations (~> 3.11.0)
      rspec-mocks (~> 3.11.0)
    rspec-core (3.11.0)
      rspec-support (~> 3.11.0)
    rspec-expectations (3.11.0)
      diff-lcs (>= 1.2.0, < 2.0)
      rspec-support (~> 3.11.0)
    rspec-mocks (3.11.0)
      diff-lcs (>= 1.2.0, < 2.0)
      rspec-support (~> 3.11.0)
    rspec-support (3.11.0)
    stringio (3.0.1)

PLATFORMS
  ruby

DEPENDENCIES
  git-commander!
  rake (~> 12.3)
  rdoc (~> 6.2)
  rspec (< 4.0)

BUNDLED WITH
   2.1.0
